GEM
  remote: http://rubygems.org/
  specs:
    activesupport (3.1.3)
      multi_json (~> 1.0)
    diff-lcs (1.1.3)
    macaddr (1.5.0)
      systemu (>= 2.4.0)
    multi_json (1.0.4)
    rake (0.9.2.2)
    rspec (2.7.0)
      rspec-core (~> 2.7.0)
      rspec-expectations (~> 2.7.0)
      rspec-mocks (~> 2.7.0)
    rspec-core (2.7.1)
    rspec-expectations (2.7.0)
      diff-lcs (~> 1.1.2)
    rspec-mocks (2.7.0)
    systemu (2.4.1)
    uuid (2.3.4)
      macaddr (~> 1.0)
    validatable (1.6.7)

PLATFORMS
  ruby

DEPENDENCIES
  activesupport (>= 2.3.8)
  rake
  rspec
  uuid (>= 2.3.1)
  validatable (>= 1.6.7)
